GEM
  remote: https://rubygems.org/
  specs:
    bigdecimal (3.1.5)
    jsonlint (0.4.0)
      oj (~> 3)
      optimist (~> 3)
    oj (3.16.3)
      bigdecimal (>= 3.0)
    optimist (3.1.0)
    rake (13.1.0)

PLATFORMS
  ruby

DEPENDENCIES
  jsonlint (~> 0.4)
  rake

BUNDLED WITH
   1.17.2
