GEM
  remote: https://rubygems.org/
  specs:
    jsonlint (0.4.0)
      oj (~> 3)
      optimist (~> 3)
    oj (3.16.1)
    optimist (3.1.0)
    rake (13.0.6)

PLATFORMS
  ruby

DEPENDENCIES
  jsonlint (~> 0.4)
  rake

BUNDLED WITH
   1.17.2
