GEM
  remote: https://rubygems.org/
  specs:
    jsonlint (0.3.0)
      oj (~> 3)
      optimist (~> 3)
    oj (3.9.1)
    optimist (3.0.0)
    rake (12.3.3)

PLATFORMS
  ruby

DEPENDENCIES
  jsonlint (~> 0.3)
  rake

BUNDLED WITH
   1.17.2
