GEM
  remote: https://rubygems.org/
  specs:
    bigdecimal (2.0.0)
    jsonlint (0.3.0)
      oj (~> 3)
      optimist (~> 3)
    oj (3.10.9)
      bigdecimal (~> 2.0)
    optimist (3.0.1)
    rake (13.0.1)

PLATFORMS
  ruby

DEPENDENCIES
  jsonlint (~> 0.3)
  rake

BUNDLED WITH
   1.17.2
